GEM
  remote: http://rubygems.org/
  remote: http://rubygems.org/
  specs:
    ansi (1.2.5)
    minitest (2.1.0)
    rake (0.9.2)
    rcov (0.9.9)
    turn (0.8.2)
      ansi (>= 1.2.2)
    yard (0.7.2)

PLATFORMS
  ruby

DEPENDENCIES
  minitest (~> 2.1.0)
  rake (>= 0.9.0)
  rcov (>= 0.9.0)
  turn (~> 0.8.2)
  yard (~> 0.7.0)
