GEM
  remote: https://rubygems.org/
  specs:
    minitest (2.1.0)
    multi_json (1.7.3)
    rake (0.9.2)
    simplecov (0.7.1)
      multi_json (~> 1.0)
      simplecov-html (~> 0.7.1)
    simplecov-html (0.7.1)
    yard (0.7.2)

PLATFORMS
  ruby

DEPENDENCIES
  minitest (~> 2.1.0)
  rake (>= 0.9.0)
  simplecov (>= 0.7)
  yard (~> 0.7.0)
